PATH
  remote: .
  specs:
    recipe_app (0.1.0)
      nokogiri
      open-uri

GEM
  remote: https://rubygems.org/
  specs:
    ast (2.4.2)
    nokogiri (1.12.4-x86_64-darwin)
      racc (~> 1.4)
    open-uri (0.1.0)
    parallel (1.20.1)
    parser (3.0.1.1)
      ast (~> 2.4.1)
    racc (1.5.2)
    rainbow (3.0.0)
    rake (13.0.6)
    regexp_parser (2.1.1)
    rexml (3.2.5)
    rubocop (1.15.0)
      parallel (~> 1.10)
      parser (>= 3.0.0.0)
      rainbow (>= 2.2.2, < 4.0)
      regexp_parser (>= 1.8, < 3.0)
      rexml
      rubocop-ast (>= 1.5.0, < 2.0)
      ruby-progressbar (~> 1.7)
      unicode-display_width (>= 1.4.0, < 3.0)
    rubocop-ast (1.6.0)
      parser (>= 3.0.1.1)
    ruby-progressbar (1.11.0)
    unicode-display_width (2.0.0)

PLATFORMS
  x86_64-darwin-20

DEPENDENCIES
  recipe_app!
  rake (~> 13.0)
  rubocop (~> 1.7)
  sqlite3 (~> 1.3.6)

BUNDLED WITH
   2.2.11
